GEM
  remote: https://rubygems.org/
  specs:
    redis (3.3.1)
    webrick (1.3.1)

PLATFORMS
  ruby

DEPENDENCIES
  redis (~> 3.2)
  webrick
